GEM
  remote: http://rubygems.org/
  specs:
    actionpack (2.2.2)
      activesupport (= 2.2.2)
    activesupport (2.2.2)
    addressable (2.2.7)
    faraday (0.7.6)
      addressable (~> 2.2)
      multipart-post (~> 1.1)
      rack (~> 1.1)
    koala (1.4.1)
      faraday (~> 0.7.0)
      multi_json (~> 1.3.0)
    multi_json (1.3.2)
    multipart-post (1.1.5)
    net-ssh (2.3.0)
    rack (1.3.0)
    shotgun (0.9)
      rack (>= 1.0)
    sinatra (1.2.6)
      rack (~> 1.1)
      tilt (>= 1.2.2, < 2.0)
    tilt (1.3.2)

PLATFORMS
  ruby

DEPENDENCIES
  actionpack
  koala (~> 1.4)
  net-ssh
  shotgun
  sinatra
